GEM
  remote: https://rubygems.org/
  specs:
    ProMotion (1.1.0)
      methadone
    bubble-wrap (1.5.0)
    methadone (1.3.1)
      bundler
    ruby_motion_query (0.5.6)

PLATFORMS
  ruby

DEPENDENCIES
  ProMotion
  bubble-wrap
  ruby_motion_query
